GEM
  remote: https://rubygems.org/
  remote: https://gemsrv.qutic.net/
  specs:
    base64 (0.2.0)
    dotenv (3.1.2)
    haproxy_manager (0.2.2)
      trollop
    mustermann (3.0.0)
      ruby2_keywords (~> 0.0.1)
    rack (3.1.6)
    rack-protection (4.0.0)
      base64 (>= 0.1.0)
      rack (>= 3.0.0, < 4)
    rack-session (2.0.0)
      rack (>= 3.0.0)
    ruby2_keywords (0.0.5)
    sinatra (4.0.0)
      mustermann (~> 3.0)
      rack (>= 3.0.0, < 4)
      rack-protection (= 4.0.0)
      rack-session (>= 2.0.0, < 3)
      tilt (~> 2.0)
    tilt (2.4.0)
    trollop (2.9.10)

PLATFORMS
  ruby

DEPENDENCIES
  dotenv!
  haproxy_manager (= 0.2.2)!
  rack!
  sinatra!

RUBY VERSION
   ruby 3.1.3p185

BUNDLED WITH
   1.17.2
