GEM
  remote: https://rubygems.org/
  specs:
    dotenv (2.7.6)
    haproxy_manager (0.1.3)
    mustermann (1.1.1)
      ruby2_keywords (~> 0.0.1)
    rack (2.2.3)
    rack-protection (2.1.0)
      rack
    ruby2_keywords (0.0.4)
    sinatra (2.1.0)
      mustermann (~> 1.0)
      rack (~> 2.2)
      rack-protection (= 2.1.0)
      tilt (~> 2.0)
    tilt (2.0.10)

PLATFORMS
  ruby

DEPENDENCIES
  dotenv
  haproxy_manager
  sinatra

RUBY VERSION
   ruby 2.5.3p105

BUNDLED WITH
   1.17.2
